GEM
  remote: http://rubygems.org/
  specs:
    chunky_png (1.2.6)
    compass (0.12.2)
      chunky_png (~> 1.2)
      fssm (>= 0.2.7)
      sass (~> 3.1)
    compass_twitter_bootstrap (2.0.3)
      compass
    daemons (1.1.9)
    eventmachine (0.12.10)
    fssm (0.2.9)
    haml (3.1.7)
    i18n (0.6.1)
    newrelic_rpm (3.4.2)
    rack (1.4.1)
    rack-protection (1.2.0)
      rack
    sass (3.2.1)
    sinatra (1.3.3)
      rack (~> 1.3, >= 1.3.6)
      rack-protection (~> 1.2)
      tilt (~> 1.3, >= 1.3.3)
    sinatra-i18n (0.1.0)
    thin (1.4.1)
      daemons (>= 1.0.9)
      eventmachine (>= 0.12.6)
      rack (>= 1.0.0)
    tilt (1.3.3)

PLATFORMS
  ruby

DEPENDENCIES
  compass_twitter_bootstrap
  haml
  i18n
  newrelic_rpm
  sass
  sinatra
  sinatra-i18n
  thin
